GIT
  remote: https://github.com/communitiesuk/epb-auth-tools.git
  revision: ba84fcc58a93dc7e08ae9e0d92ee3be8224565e0
  specs:
    epb_auth_tools (0.0.0)
      jwt (~> 2.2)

GEM
  remote: https://rubygems.org/
  specs:
    activemodel (6.0.2)
      activesupport (= 6.0.2)
    activerecord (6.0.2)
      activemodel (= 6.0.2)
      activesupport (= 6.0.2)
    activesupport (6.0.2)
      concurrent-ruby (~> 1.0, >= 1.0.2)
      i18n (>= 0.7, < 2)
      minitest (~> 5.1)
      tzinfo (~> 1.1)
      zeitwerk (~> 2.2)
    concurrent-ruby (1.1.5)
    diff-lcs (1.3)
    faraday (0.17.1)
      multipart-post (>= 1.2, < 3)
    i18n (1.7.0)
      concurrent-ruby (~> 1.0)
    jwt (2.2.1)
    macaddr (1.7.2)
      systemu (~> 2.6.5)
    minitest (5.13.0)
    multi_json (1.14.1)
    multi_xml (0.6.0)
    multipart-post (2.1.1)
    mustermann (1.0.3)
    oauth2 (1.4.2)
      faraday (>= 0.8, < 2.0)
      jwt (>= 1.0, < 3.0)
      multi_json (~> 1.3)
      multi_xml (~> 0.5)
      rack (>= 1.2, < 3)
    pg (1.1.4)
    prettier (0.16.0)
    rack (2.0.8)
    rack-protection (2.0.7)
      rack
    rack-test (1.1.0)
      rack (>= 1.0, < 3)
    rake (13.0.1)
    rspec (3.9.0)
      rspec-core (~> 3.9.0)
      rspec-expectations (~> 3.9.0)
      rspec-mocks (~> 3.9.0)
    rspec-core (3.9.0)
      rspec-support (~> 3.9.0)
    rspec-expectations (3.9.0)
      diff-lcs (>= 1.2.0, < 2.0)
      rspec-support (~> 3.9.0)
    rspec-mocks (3.9.0)
      diff-lcs (>= 1.2.0, < 2.0)
      rspec-support (~> 3.9.0)
    rspec-support (3.9.0)
    sinatra (2.0.7)
      mustermann (~> 1.0)
      rack (~> 2.0)
      rack-protection (= 2.0.7)
      tilt (~> 2.0)
    sinatra-activerecord (2.0.14)
      activerecord (>= 3.2)
      sinatra (>= 1.0)
    systemu (2.6.5)
    thread_safe (0.3.6)
    tilt (2.0.10)
    tzinfo (1.2.5)
      thread_safe (~> 0.1)
    uuid (2.3.9)
      macaddr (~> 1.0)
    zeitwerk (2.2.2)

PLATFORMS
  ruby

DEPENDENCIES
  epb_auth_tools!
  jwt (~> 2.2)!
  oauth2 (~> 1.4)!
  pg (~> 1.1)!
  prettier (~> 0.16.0)!
  rack (~> 2.0)!
  rack-test (~> 1.1)!
  rake (~> 13.0)!
  rspec (~> 3.9)!
  sinatra (~> 2.0)!
  sinatra-activerecord (~> 2.0)!
  uuid (~> 2.3)!
  zeitwerk (~> 2.2)!

RUBY VERSION
   ruby 2.6.5p114

BUNDLED WITH
   2.1.0
